GEM
  remote: https://rubygems.org/
  specs:
    algoliasearch (1.22.0)
      httpclient (~> 2.8, >= 2.8.3)
      json (>= 1.5.1)
    asciidoctor (1.5.7.1)
    asciidoctor-csand (0.2.7)
      asciidoctor (~> 1.5.7)
      asciidoctor-iso (>= 0.7.5)
      asciimath
      htmlentities (~> 4.3.4)
      image_size
      isodoc
      mime-types
      nokogiri
      ruby-jing
      ruby-xslt
      thread_safe
      uuidtools
    asciidoctor-csd (0.2.8)
      asciidoctor-iso (>= 0.7.9)
    asciidoctor-gb (0.2.4)
      asciidoctor-iso (>= 0.7.9)
      twitter_cldr
    asciidoctor-iso (0.7.9)
      asciidoctor (~> 1.5.7)
      html2doc
      isobib (~> 0.1.4)
      isodoc (~> 0.6.2)
      ruby-jing
    asciidoctor-rfc (0.8.5)
      asciidoctor (~> 1.5.7)
      htmlentities (~> 4.3.4)
      nokogiri
      ruby-jing
      thread_safe
    asciimath (1.0.4)
    camertron-eprun (1.1.1)
    cldr-plurals-runtime-rb (1.0.1)
    ffi (1.9.23)
    html2doc (0.7.1)
      asciimath
      htmlentities (~> 4.3.4)
      image_size
      mime-types
      nokogiri
      ruby-xslt
      thread_safe
      uuidtools
    htmlentities (4.3.4)
    httpclient (2.8.3)
    image_size (2.0.0)
    iso-bib-item (0.1.3)
      isoics (~> 0.1.6)
      nokogiri
    isobib (0.1.4)
      algoliasearch
      iso-bib-item (~> 0.1.2)
    isodoc (0.6.2)
      asciimath
      html2doc
      htmlentities (~> 4.3.4)
      image_size
      liquid
      mime-types
      nokogiri
      roman-numerals
      ruby-xslt
      sass
      thread_safe
      uuidtools
    isoics (0.1.6)
    json (2.1.0)
    liquid (4.0.0)
    metanorma (0.1.4)
      asciidoctor-csand (>= 0.2.6)
      asciidoctor-csd (>= 0.2.8)
      asciidoctor-gb (>= 0.2.4)
      asciidoctor-iso (>= 0.7.9)
      asciidoctor-rfc (>= 0.8.5)
    mime-types (3.1)
      mime-types-data (~> 3.2015)
    mime-types-data (3.2016.0521)
    mini_portile2 (2.3.0)
    nokogiri (1.8.2)
      mini_portile2 (~> 2.3.0)
    optout (0.0.2)
    rb-fsevent (0.10.3)
    rb-inotify (0.9.10)
      ffi (>= 0.5.0, < 2)
    roman-numerals (0.3.0)
    ruby-jing (0.0.1)
      optout (>= 0.0.2)
    ruby-xslt (0.9.10)
    sass (3.5.6)
      sass-listen (~> 4.0.0)
    sass-listen (4.0.0)
      rb-fsevent (~> 0.9, >= 0.9.4)
      rb-inotify (~> 0.9, >= 0.9.7)
    thread_safe (0.3.6)
    twitter_cldr (4.4.3)
      camertron-eprun
      cldr-plurals-runtime-rb (~> 1.0)
      tzinfo
    tzinfo (1.2.5)
      thread_safe (~> 0.1)
    uuidtools (2.1.5)

PLATFORMS
  ruby

DEPENDENCIES
  metanorma (~> 0.1.4)

BUNDLED WITH
   1.16.2
